PATH
  remote: .
  specs:
    pronounce (0.0.1)

GEM
  remote: https://rubygems.org/
  specs:
    coderay (1.0.9)
    diff-lcs (1.2.5)
    ffi (1.9.0-java)
    method_source (0.8.1)
    pry (0.9.12.2)
      coderay (~> 1.0.5)
      method_source (~> 0.8)
      slop (~> 3.4)
    pry (0.9.12.2-java)
      coderay (~> 1.0.5)
      method_source (~> 0.8)
      slop (~> 3.4)
      spoon (~> 0.0)
    rake (10.1.0)
    rspec (2.99.0.beta2)
      rspec-core (= 2.99.0.beta2)
      rspec-expectations (= 2.99.0.beta2)
      rspec-mocks (= 2.99.0.beta2)
    rspec-core (2.99.0.beta2)
    rspec-expectations (2.99.0.beta2)
      diff-lcs (>= 1.1.3, < 2.0)
    rspec-mocks (2.99.0.beta2)
    slop (3.4.5)
    spoon (0.0.4)
      ffi

PLATFORMS
  java
  ruby

DEPENDENCIES
  pronounce!
  pry
  rake
  rspec (~> 2.14.beta)
